GEM
  remote: https://rubygems.org/
  specs:
    daemons (1.2.3)
    diff-lcs (1.2.5)
    dotenv (2.0.2)
    eventmachine (1.0.8)
    pdf-core (0.6.0)
    prawn (2.0.2)
      pdf-core (~> 0.6.0)
      ttfunk (~> 1.4.0)
    rack (1.6.4)
    rack-protection (1.5.3)
      rack
    rspec (3.4.0)
      rspec-core (~> 3.4.0)
      rspec-expectations (~> 3.4.0)
      rspec-mocks (~> 3.4.0)
    rspec-core (3.4.1)
      rspec-support (~> 3.4.0)
    rspec-expectations (3.4.0)
      diff-lcs (>= 1.2.0, < 2.0)
      rspec-support (~> 3.4.0)
    rspec-mocks (3.4.0)
      diff-lcs (>= 1.2.0, < 2.0)
      rspec-support (~> 3.4.0)
    rspec-support (3.4.1)
    sinatra (1.4.6)
      rack (~> 1.4)
      rack-protection (~> 1.4)
      tilt (>= 1.3, < 3)
    thin (1.6.4)
      daemons (~> 1.0, >= 1.0.9)
      eventmachine (~> 1.0, >= 1.0.4)
      rack (~> 1.0)
    tilt (2.0.1)
    ttfunk (1.4.0)

PLATFORMS
  ruby

DEPENDENCIES
  dotenv
  prawn
  rspec
  sinatra
  thin

BUNDLED WITH
   1.10.6
